GEM
  remote: http://rubygems.org/
  specs:
    cinch (2.0.3)
    daemons (1.1.9)

PLATFORMS
  ruby

DEPENDENCIES
  cinch
  daemons
